PATH
  remote: .
  specs:
    gepetto (0.0.13)
      net-ping
      rake
      rubigen

GEM
  remote: https://rubygems.org/
  specs:
    activesupport (3.1.12)
      multi_json (~> 1.0)
    multi_json (1.8.4)
    net-ping (1.7.2)
    rake (10.1.1)
    rubigen (1.5.8)
      activesupport (>= 2.3.5, < 3.2.0)

PLATFORMS
  ruby

DEPENDENCIES
  gepetto!
