PATH
  remote: .
  specs:
    gepetto (0.0.13)
      rake
      rubigen

GEM
  remote: https://rubygems.org/
  specs:
    activesupport (3.1.12)
      multi_json (~> 1.0)
    multi_json (1.8.0)
    rake (10.1.0)
    rubigen (1.5.8)
      activesupport (>= 2.3.5, < 3.2.0)

PLATFORMS
  ruby

DEPENDENCIES
  gepetto!
